GIT
  remote: git://github.com/axyjo/leaflet-rails.git
  revision: e7421288bc79418b42ac49599ec325f04ffc27ab
  specs:
    leaflet-rails (1.0.2)
      rails (>= 4.2.0)

GIT
  remote: git://github.com/ijdickinson/rgeo.git
  revision: e71949045f88ffa70435606b29ef816e3d455361
  specs:
    rgeo (0.5.2)

GIT
  remote: git@github.com:epimorphics/ds-api-ruby.git
  revision: 03ae7001617d0c1b3ee4c38a6ca87e7e4fb6b9d7
  specs:
    data_services_api (0.4.2)
      faraday_middleware
      json
      yajl-ruby

GEM
  remote: https://rubygems.org/
  specs:
    actioncable (5.0.2)
      actionpack (= 5.0.2)
      nio4r (>= 1.2, < 3.0)
      websocket-driver (~> 0.6.1)
    actionmailer (5.0.2)
      actionpack (= 5.0.2)
      actionview (= 5.0.2)
      activejob (= 5.0.2)
      mail (~> 2.5, >= 2.5.4)
      rails-dom-testing (~> 2.0)
    actionpack (5.0.2)
      actionview (= 5.0.2)
      activesupport (= 5.0.2)
      rack (~> 2.0)
      rack-test (~> 0.6.3)
      rails-dom-testing (~> 2.0)
      rails-html-sanitizer (~> 1.0, >= 1.0.2)
    actionview (5.0.2)
      activesupport (= 5.0.2)
      builder (~> 3.1)
      erubis (~> 2.7.0)
      rails-dom-testing (~> 2.0)
      rails-html-sanitizer (~> 1.0, >= 1.0.3)
    activejob (5.0.2)
      activesupport (= 5.0.2)
      globalid (>= 0.3.6)
    activemodel (5.0.2)
      activesupport (= 5.0.2)
    activerecord (5.0.2)
      activemodel (= 5.0.2)
      activesupport (= 5.0.2)
      arel (~> 7.0)
    activesupport (5.0.2)
      concurrent-ruby (~> 1.0, >= 1.0.2)
      i18n (~> 0.7)
      minitest (~> 5.1)
      tzinfo (~> 1.1)
    addressable (2.5.1)
      public_suffix (~> 2.0, >= 2.0.2)
    ansi (1.5.0)
    arel (7.1.4)
    autoprefixer-rails (6.7.7.1)
      execjs
    bootstrap-sass (3.3.7)
      autoprefixer-rails (>= 5.2.1)
      sass (>= 3.3.4)
    bootstrap3-datetimepicker-rails (4.17.47)
      momentjs-rails (>= 2.8.1)
    builder (3.2.3)
    byebug (9.0.6)
    capybara (2.13.0)
      addressable
      mime-types (>= 1.16)
      nokogiri (>= 1.3.3)
      rack (>= 1.0.0)
      rack-test (>= 0.5.4)
      xpath (~> 2.0)
    capybara_minitest_spec (1.0.5)
      capybara (>= 2)
      minitest (>= 4)
    concurrent-ruby (1.0.5)
    d3-rails (4.7.0)
      railties (>= 3.1)
    dbf (3.1.0)
    debug_inspector (0.0.2)
    docile (1.1.5)
    ebnf (1.1.0)
      rdf (~> 2.0)
      sxp (~> 1.0)
    erubis (2.7.0)
    execjs (2.7.0)
    faraday (0.13.0)
      multipart-post (>= 1.2, < 3)
    faraday_middleware (0.12.2)
      faraday (>= 0.7.4, < 1.0)
    font-awesome-rails (4.7.0.1)
      railties (>= 3.2, < 5.1)
    globalid (0.3.7)
      activesupport (>= 4.1.0)
    govuk_elements_rails (3.0.2)
      govuk_frontend_toolkit (>= 5.2.0)
      rails (>= 4.1.0)
      sass (>= 3.2.0)
    govuk_frontend_toolkit (5.2.0)
      rails (>= 3.1.0)
      sass (>= 3.2.0)
    govuk_template (0.20.0)
      rails (>= 3.1)
    haml (4.0.7)
      tilt
    haml-rails (0.9.0)
      actionpack (>= 4.0.1)
      activesupport (>= 4.0.1)
      haml (>= 4.0.6, < 5.0)
      html2haml (>= 1.0.1)
      railties (>= 4.0.1)
    hamster (3.0.0)
      concurrent-ruby (~> 1.0)
    html2haml (2.1.0)
      erubis (~> 2.7.0)
      haml (~> 4.0)
      nokogiri (>= 1.6.0)
      ruby_parser (~> 3.5)
    i18n (0.8.1)
    jquery-datatables-rails (3.4.0)
      actionpack (>= 3.1)
      jquery-rails
      railties (>= 3.1)
      sass-rails
    jquery-rails (4.3.1)
      rails-dom-testing (>= 1, < 3)
      railties (>= 4.2.0)
      thor (>= 0.14, < 2.0)
    jquery-ui-rails (6.0.1)
      railties (>= 3.2.16)
    js-routes (1.3.3)
      railties (>= 3.2)
      sprockets-rails
    json (2.1.0)
    json_expressions (0.8.3)
    link_header (0.0.8)
    lodash-rails (4.17.4)
      railties (>= 3.1)
    loofah (2.0.3)
      nokogiri (>= 1.5.9)
    m (1.5.1)
      method_source (>= 0.6.7)
      rake (>= 0.9.2.2)
    mail (2.6.4)
      mime-types (>= 1.16, < 4)
    metaclass (0.0.4)
    method_source (0.8.2)
    mime-types (3.1)
      mime-types-data (~> 3.2015)
    mime-types-data (3.2016.0521)
    mini_portile2 (2.1.0)
    minitest (5.10.1)
    minitest-capybara (0.8.2)
      capybara (~> 2.2)
      minitest (~> 5.0)
      rake
    minitest-metadata (0.6.0)
      minitest (>= 4.7, < 6.0)
    minitest-rails (3.0.0)
      minitest (~> 5.8)
      railties (~> 5.0)
    minitest-rails-capybara (3.0.1)
      capybara (~> 2.7)
      minitest-capybara (~> 0.8)
      minitest-metadata (~> 0.6)
      minitest-rails (~> 3.0)
    minitest-reporters (1.1.14)
      ansi
      builder
      minitest (>= 5.0)
      ruby-progressbar
    minitest-spec-rails (5.4.0)
      minitest (~> 5.0)
      rails (>= 4.1)
    mocha (1.2.1)
      metaclass (~> 0.0.1)
    modernizr-rails (2.7.1)
    modulejs-rails (2.2.0.0)
      railties (>= 4.0)
    momentjs-rails (2.17.1)
      railties (>= 3.1)
    multipart-post (2.0.0)
    nio4r (2.0.0)
    nokogiri (1.7.1)
      mini_portile2 (~> 2.1.0)
    oj (2.18.5)
    public_suffix (2.0.5)
    rack (2.0.1)
    rack-test (0.6.3)
      rack (>= 1.0)
    rails (5.0.2)
      actioncable (= 5.0.2)
      actionmailer (= 5.0.2)
      actionpack (= 5.0.2)
      actionview (= 5.0.2)
      activejob (= 5.0.2)
      activemodel (= 5.0.2)
      activerecord (= 5.0.2)
      activesupport (= 5.0.2)
      bundler (>= 1.3.0, < 2.0)
      railties (= 5.0.2)
      sprockets-rails (>= 2.0.0)
    rails-client-logger (1.1.1)
      rails (>= 4.0)
    rails-dom-testing (2.0.2)
      activesupport (>= 4.2.0, < 6.0)
      nokogiri (~> 1.6)
    rails-html-sanitizer (1.0.3)
      loofah (~> 2.0)
    railties (5.0.2)
      actionpack (= 5.0.2)
      activesupport (= 5.0.2)
      method_source
      rake (>= 0.8.7)
      thor (>= 0.18.1, < 2.0)
    rake (12.0.0)
    rdf (2.2.5)
      hamster (~> 3.0)
      link_header (~> 0.0, >= 0.0.8)
    rdf-turtle (2.2.0)
      ebnf (~> 1.1)
      rdf (~> 2.2)
    rgeo-geojson (0.4.3)
      rgeo (~> 0.5)
    rgeo-shapefile (0.4.2)
      dbf (~> 3.0)
      rgeo (~> 0.3)
    ruby-progressbar (1.8.1)
    ruby_parser (3.8.4)
      sexp_processor (~> 4.1)
    sass (3.4.23)
    sass-rails (5.0.6)
      railties (>= 4.0.0, < 6)
      sass (~> 3.1)
      sprockets (>= 2.8, < 4.0)
      sprockets-rails (>= 2.0, < 4.0)
      tilt (>= 1.1, < 3)
    sexp_processor (4.8.0)
    simplecov (0.14.1)
      docile (~> 1.1.0)
      json (>= 1.8, < 3)
      simplecov-html (~> 0.10.0)
    simplecov-html (0.10.0)
    simplify_rb (0.3.0)
    spinjs-rails (1.4)
      rails (>= 3.1)
    spring (2.0.1)
      activesupport (>= 4.2)
    sprockets (3.7.1)
      concurrent-ruby (~> 1.0)
      rack (> 1, < 3)
    sprockets-rails (3.2.0)
      actionpack (>= 4.0)
      activesupport (>= 4.0)
      sprockets (>= 3.0.0)
    sxp (1.0.0)
      rdf (~> 2.0)
    thor (0.19.4)
    thread_safe (0.3.6)
    tilt (2.0.7)
    tzinfo (1.2.3)
      thread_safe (~> 0.1)
    uglifier (3.1.11)
      execjs (>= 0.3.0, < 3)
    vcr (3.0.3)
    web-console (3.4.0)
      actionview (>= 5.0)
      activemodel (>= 5.0)
      debug_inspector
      railties (>= 5.0)
    websocket-driver (0.6.5)
      websocket-extensions (>= 0.1.0)
    websocket-extensions (0.1.2)
    xpath (2.0.0)
      nokogiri (~> 1.3)
    yajl-ruby (1.3.0)

PLATFORMS
  ruby

DEPENDENCIES
  bootstrap-sass
  bootstrap3-datetimepicker-rails
  byebug
  capybara_minitest_spec
  d3-rails
  data_services_api!
  faraday
  faraday_middleware
  font-awesome-rails
  govuk_elements_rails
  govuk_frontend_toolkit
  govuk_template
  haml-rails
  jquery-datatables-rails
  jquery-rails
  jquery-ui-rails
  js-routes
  json_expressions
  leaflet-rails!
  lodash-rails
  m
  minitest-rails-capybara
  minitest-reporters
  minitest-spec-rails
  mocha
  modernizr-rails
  modulejs-rails
  momentjs-rails
  nokogiri
  oj
  rails (= 5.0.2)
  rails-client-logger
  rails-html-sanitizer
  rdf-turtle
  rgeo!
  rgeo-geojson
  rgeo-shapefile
  sass-rails (~> 5.0)
  simplecov
  simplify_rb
  spinjs-rails
  spring
  uglifier (>= 1.3.0)
  vcr
  web-console (~> 3.0)
  yajl-ruby

BUNDLED WITH
   1.15.3
